GEM
  remote: https://rubygems.org/
  specs:
    daemons (1.2.3)
    eventmachine (1.2.0.1)
    httparty (0.13.7)
      json (~> 1.8)
      multi_xml (>= 0.5.2)
    json (1.8.3)
    meme_captain (0.3.1)
      mime-types (~> 2.5)
      rmagick (~> 2.14.0)
    mime-types (2.99.2)
    minitest (5.9.0)
    multi_xml (0.5.5)
    mysql2 (0.4.4)
    new_base_60 (1.1.2)
    rack (1.6.4)
    rack-protection (1.5.3)
      rack
    rake (11.1.2)
    rmagick (2.14.0)
    sequel (4.35.0)
    shotgun (0.9.1)
      rack (>= 1.0)
    sinatra (1.4.7)
      rack (~> 1.5)
      rack-protection (~> 1.4)
      tilt (>= 1.3, < 3)
    thin (1.7.0)
      daemons (~> 1.0, >= 1.0.9)
      eventmachine (~> 1.0, >= 1.0.4)
      rack (>= 1, < 3)
    tilt (2.0.5)

PLATFORMS
  ruby

DEPENDENCIES
  httparty
  meme_captain
  minitest
  mysql2
  new_base_60
  rake
  sequel
  shotgun
  sinatra
  thin

BUNDLED WITH
   1.12.4
