GEM
  remote: https://rubygems.org/
  specs:
    daemons (1.3.1)
    eventmachine (1.2.7)
    httparty (0.16.2)
      multi_xml (>= 0.5.2)
    meme_captain (0.3.1)
      mime-types (~> 2.5)
      rmagick (~> 2.14.0)
    mime-types (2.99.3)
    minitest (5.11.3)
    multi_xml (0.6.0)
    mustermann (1.0.3)
    mysql2 (0.5.2)
    new_base_60 (1.1.2)
    rack (2.0.8)
    rack-protection (2.0.5)
      rack
    rake (12.3.3)
    rmagick (2.14.0)
    sequel (5.22.0)
    shotgun (0.9.2)
      rack (>= 1.0)
    sinatra (2.0.5)
      mustermann (~> 1.0)
      rack (~> 2.0)
      rack-protection (= 2.0.5)
      tilt (~> 2.0)
    thin (1.7.2)
      daemons (~> 1.0, >= 1.0.9)
      eventmachine (~> 1.0, >= 1.0.4)
      rack (>= 1, < 3)
    tilt (2.0.9)

PLATFORMS
  ruby

DEPENDENCIES
  httparty
  meme_captain
  minitest
  mysql2
  new_base_60
  rake
  sequel
  shotgun
  sinatra
  thin

BUNDLED WITH
   1.16.2
